GEM
  remote: https://rubygems.org/
  specs:
    byebug (11.1.1)
    coderay (1.1.2)
    httparty (0.18.0)
      mime-types (~> 3.0)
      multi_xml (>= 0.5.2)
    method_source (0.9.0)
    mime-types (3.3.1)
      mime-types-data (~> 3.2015)
    mime-types-data (3.2020.0512)
    mini_portile2 (2.5.0)
    multi_xml (0.6.0)
    nokogiri (1.11.0)
      mini_portile2 (~> 2.5.0)
      racc (~> 1.4)
    pry (0.11.3)
      coderay (~> 1.1.0)
      method_source (~> 0.9.0)
    racc (1.5.2)

PLATFORMS
  ruby

DEPENDENCIES
  byebug
  httparty (~> 0.16)
  nokogiri (~> 1.11)
  pry

RUBY VERSION
   ruby 2.7.2p137

BUNDLED WITH
   2.1.4
